GEM
  remote: http://rubygems.org/
  specs:
    actionmailer (2.3.5)
      actionpack (= 2.3.5)
    actionpack (2.3.5)
      activesupport (= 2.3.5)
      rack (~> 1.0.0)
    activerecord (2.3.5)
      activesupport (= 2.3.5)
    activeresource (2.3.5)
      activesupport (= 2.3.5)
    activesupport (2.3.5)
    alchemist (0.1.1)
    amatch (0.2.5)
    authlogic (2.1.1)
      activesupport
    builder (2.1.2)
    chronic (0.2.3)
      hoe (>= 1.2.1)
    cucumber (0.5.3)
      builder (>= 2.1.2)
      diff-lcs (>= 1.1.2)
      json_pure (>= 1.2.0)
      polyglot (>= 0.2.9)
      term-ansicolor (>= 1.0.4)
      treetop (>= 1.4.2)
    cucumber-rails (0.2.2)
      cucumber (>= 0.5.1)
    database_cleaner (0.2.3)
    diff-lcs (1.1.2)
    fastercsv (1.4.0)
    geokit (1.4.1)
    haml (2.0.9)
    highline (1.5.0)
    hoe (1.11.0)
      rake (>= 0.8.4)
      rubyforge (>= 1.0.3)
    hpricot (0.6.164)
    json_pure (1.4.6)
    mysql (2.8.1)
    nokogiri (1.3.1)
    open4 (1.0.1)
    polyglot (0.3.1)
    rack (1.0.1)
    rails (2.3.5)
      actionmailer (= 2.3.5)
      actionpack (= 2.3.5)
      activerecord (= 2.3.5)
      activeresource (= 2.3.5)
      activesupport (= 2.3.5)
      rake (>= 0.8.3)
    rake (0.8.7)
    rdoc (2.5.11)
    rspec (1.2.9)
    rspec-rails (1.2.9)
      rack (>= 1.0.0)
      rspec (>= 1.2.9)
    rubyforge (2.0.4)
      json_pure (>= 1.1.7)
    spork (0.8.4)
    term-ansicolor (1.0.5)
    treetop (1.4.8)
      polyglot (>= 0.3.1)
    vlad (1.3.2)
      open4
      rake (>= 0.8.1)
    webrat (0.6.0)
      nokogiri (>= 1.2.0)
      rack (>= 1.0)
    whenever (0.4.0)
      chronic (>= 0.2.3)

PLATFORMS
  ruby

DEPENDENCIES
  alchemist (= 0.1.1)
  amatch
  authlogic (= 2.1.1)
  chronic (~> 0.2.3)
  cucumber (= 0.5.3)
  cucumber-rails (= 0.2.2)
  database_cleaner (= 0.2.3)
  fastercsv (= 1.4.0)
  geokit (= 1.4.1)
  haml (= 2.0.9)
  highline (= 1.5.0)
  hoe (= 1.11.0)
  hpricot (= 0.6.164)
  mysql (~> 2.8.0)
  nokogiri (= 1.3.1)
  rack (= 1.0.1)
  rails (= 2.3.5)
  rake (~> 0.8.4)
  rdoc (>= 2.4.3)
  rspec (= 1.2.9)
  rspec-rails (= 1.2.9)
  spork (>= 0.7.4)
  vlad (~> 1.3.2)
  webrat (= 0.6.0)
  whenever (= 0.4.0)
